PATH
  remote: .
  specs:
    mimemagic (0.3.9)
      nokogiri (~> 1)
      rake

GEM
  remote: https://rubygems.org/
  specs:
    mini_portile2 (2.4.0)
    minitest (5.14.4)
    nokogiri (1.9.1)
      mini_portile2 (~> 2.4.0)
    rake (13.0.3)

PLATFORMS
  ruby

DEPENDENCIES
  mimemagic!
  minitest (~> 5.14)

BUNDLED WITH
   1.16.1
